PATH
  remote: ../linkSaver
  specs:
    linkSaver (0.1.0)

GEM
  remote: https://rubygems.org/
  specs:
    mini_portile2 (2.1.0)
    nokogiri (1.7.0.1)
      mini_portile2 (~> 2.1.0)
    rake (12.0.0)

PLATFORMS
  ruby

DEPENDENCIES
  linkSaver!
  nokogiri
  rake

BUNDLED WITH
   1.14.4
